GEM
  remote: https://rubygems.org/
  specs:
    clockwork (0.5.0)
      tzinfo (~> 0.3.35)
    mime-types (1.21)
    rest-client (1.6.7)
      mime-types (>= 1.16)
    tzinfo (0.3.36)

PLATFORMS
  ruby

DEPENDENCIES
  clockwork
  rest-client
